GEM
  remote: https://rubygems.org/
  specs:
    diff-lcs (1.2.4)
    dropbox-sdk (1.6.1)
      json
    json (1.8.0)
    parseconfig (1.0.2)

PLATFORMS
  ruby

DEPENDENCIES
  diff-lcs
  dropbox-sdk (~> 1.6.1)
  parseconfig (~> 1.0.2)
